GIT
  remote: git://github.com/cgunther/formtastic-bootstrap.git
  revision: 4e6a7f50153af805470d43a2bd2c9885a902e4a6
  branch: bootstrap2-rails3-2-formtastic-2-1
  specs:
    formtastic-bootstrap (1.1.2)
      formtastic
      rails (>= 3.1.0)

GIT
  remote: git://github.com/justinfrench/formtastic.git
  revision: 7b7428fa4a6a44aea1e8278523f4f45f2570a33d
  branch: 2.1-stable
  specs:
    formtastic (2.1.1)
      actionpack (~> 3.0)

GIT
  remote: https://github.com/rostchri/rack-reverse-proxy.git
  revision: a70d97a934ac742d3483eff4c9c4074a129aae76
  branch: post-process-body
  specs:
    rack-reverse-proxy (0.4.4)
      rack (>= 1.0.0)

GIT
  remote: https://github.com/rostchri/railstrap.git
  revision: 239e62a605f048cabd9dfa879785c62cf1f19802
  branch: develop
  specs:
    railstrap (0.0.6)
      actionpack (>= 3.0.0)
      activesupport (>= 3.0.0)
      haml
      railties (>= 3.0.0)

GIT
  remote: https://github.com/rostchri/rubyrep.git
  revision: aa334b84297d1178dde78c946f2c934be14ed33e
  branch: develop
  specs:
    rubyrep (1.1.2d)

GIT
  remote: https://github.com/rostchri/tablegrid.git
  revision: 59569026eb24144d9cf843fa1d08b168fc962f53
  specs:
    tablegrid (0.0.16)
      actionpack (>= 3.0.0)
      activesupport (>= 3.0.0)
      haml
      railties (>= 3.0.0)

GEM
  remote: https://rubygems.org/
  specs:
    actionmailer (3.2.11)
      actionpack (= 3.2.11)
      mail (~> 2.4.4)
    actionpack (3.2.11)
      activemodel (= 3.2.11)
      activesupport (= 3.2.11)
      builder (~> 3.0.0)
      erubis (~> 2.7.0)
      journey (~> 1.0.4)
      rack (~> 1.4.0)
      rack-cache (~> 1.2)
      rack-test (~> 0.6.1)
      sprockets (~> 2.2.1)
    activemodel (3.2.11)
      activesupport (= 3.2.11)
      builder (~> 3.0.0)
    activerecord (3.2.11)
      activemodel (= 3.2.11)
      activesupport (= 3.2.11)
      arel (~> 3.0.2)
      tzinfo (~> 0.3.29)
    activeresource (3.2.11)
      activemodel (= 3.2.11)
      activesupport (= 3.2.11)
    activesupport (3.2.11)
      i18n (~> 0.6)
      multi_json (~> 1.0)
    arel (3.0.2)
    authlogic (3.2.0)
      activerecord (>= 3.0.0)
      activesupport (>= 3.0.0)
    aws-sdk (1.3.9)
      httparty (~> 0.7)
      json (~> 1.4)
      nokogiri (>= 1.4.4)
      uuidtools (~> 2.1)
    builder (3.0.4)
    cocaine (0.4.2)
    coffee-rails (3.2.2)
      coffee-script (>= 2.2.0)
      railties (~> 3.2.0)
    coffee-script (2.2.0)
      coffee-script-source
      execjs
    coffee-script-source (1.4.0)
    commonjs (0.2.6)
    curb (0.8.3)
    diffy (2.1.3)
    domain_name (0.5.6)
      unf (~> 0.0.3)
    erubis (2.7.0)
    execjs (1.4.0)
      multi_json (~> 1.0)
    feedzirra (0.0.24)
      activesupport (>= 2.3.8)
      builder (>= 2.1.2)
      curb (>= 0.2.3)
      loofah (>= 0.3.1)
      nokogiri (> 0.0.0)
      sax-machine (>= 0.0.12)
    haml (4.0.0)
      tilt
    has_scope (0.5.1)
    hike (1.2.1)
    httparty (0.9.0)
      multi_json (~> 1.0)
      multi_xml
    i18n (0.6.1)
    inherited_resources (1.3.1)
      has_scope (~> 0.5.0)
      responders (~> 0.6)
    journey (1.0.4)
    jquery-rails (2.1.4)
      railties (>= 3.0, < 5.0)
      thor (>= 0.14, < 2.0)
    jquery-ui-rails (2.0.2)
      jquery-rails
      railties (>= 3.1.0)
    json (1.7.7)
    kaminari (0.14.1)
      actionpack (>= 3.0.0)
      activesupport (>= 3.0.0)
    less (2.2.2)
      commonjs (~> 0.2.6)
    less-rails (2.2.3)
      actionpack (>= 3.1)
      less (~> 2.2.0)
    libv8 (3.3.10.4)
    loofah (1.2.1)
      nokogiri (>= 1.4.4)
    mail (2.4.4)
      i18n (>= 0.4.0)
      mime-types (~> 1.16)
      treetop (~> 1.4.8)
    mechanize (2.5.1)
      domain_name (~> 0.5, >= 0.5.1)
      mime-types (~> 1.17, >= 1.17.2)
      net-http-digest_auth (~> 1.1, >= 1.1.1)
      net-http-persistent (~> 2.5, >= 2.5.2)
      nokogiri (~> 1.4)
      ntlm-http (~> 0.1, >= 0.1.1)
      webrobots (~> 0.0, >= 0.0.9)
    mime-types (1.19)
    multi_json (1.6.1)
    multi_xml (0.5.1)
    mysql (2.8.1)
    mysql2 (0.3.11)
    net-http-digest_auth (1.2.1)
    net-http-persistent (2.8)
    nokogiri (1.5.5)
    ntlm-http (0.1.1)
    paperclip (3.3.1)
      activemodel (>= 3.0.0)
      activerecord (>= 3.0.0)
      activesupport (>= 3.0.0)
      cocaine (~> 0.4.0)
      mime-types
    polyglot (0.3.3)
    rack (1.4.5)
    rack-cache (1.2)
      rack (>= 0.4)
    rack-ssl (1.3.3)
      rack
    rack-test (0.6.2)
      rack (>= 1.0)
    rails (3.2.11)
      actionmailer (= 3.2.11)
      actionpack (= 3.2.11)
      activerecord (= 3.2.11)
      activeresource (= 3.2.11)
      activesupport (= 3.2.11)
      bundler (~> 1.0)
      railties (= 3.2.11)
    railties (3.2.11)
      actionpack (= 3.2.11)
      activesupport (= 3.2.11)
      rack-ssl (~> 1.3.2)
      rake (>= 0.8.7)
      rdoc (~> 3.4)
      thor (>= 0.14.6, < 2.0)
    rake (10.0.3)
    rdoc (3.12.1)
      json (~> 1.4)
    responders (0.9.3)
      railties (~> 3.1)
    sass (3.2.3)
    sass-rails (3.2.5)
      railties (~> 3.2.0)
      sass (>= 3.1.10)
      tilt (~> 1.3)
    sax-machine (0.1.0)
      nokogiri (> 0.0.0)
    sprockets (2.2.2)
      hike (~> 1.2)
      multi_json (~> 1.0)
      rack (~> 1.0)
      tilt (~> 1.1, != 1.3.0)
    sqlite3 (1.3.6)
    therubyracer (0.10.2)
      libv8 (~> 3.3.10)
    thor (0.17.0)
    tilt (1.3.3)
    treetop (1.4.12)
      polyglot
      polyglot (>= 0.3.1)
    tzinfo (0.3.35)
    uglifier (1.3.0)
      execjs (>= 0.3.0)
      multi_json (~> 1.0, >= 1.0.2)
    unf (0.0.5)
      unf_ext
    unf_ext (0.0.5)
    uuidtools (2.1.3)
    webrobots (0.0.13)

PLATFORMS
  ruby

DEPENDENCIES
  authlogic
  aws-sdk (~> 1.3.4)
  coffee-rails (~> 3.2.1)
  diffy
  feedzirra
  formtastic!
  formtastic-bootstrap!
  haml
  has_scope
  inherited_resources
  jquery-rails
  jquery-ui-rails
  kaminari
  less-rails
  mechanize
  mysql (= 2.8.1)
  mysql2
  paperclip (~> 3.0)
  rack-reverse-proxy!
  rails (= 3.2.11)
  railstrap!
  responders
  rubyrep (= 1.1.2d)!
  sass-rails (~> 3.2.3)
  sqlite3
  tablegrid!
  therubyracer
  uglifier (>= 1.0.3)
